NUGET
  remote: https://nuget.org/api/v2
  specs:
    FAKE (4.0.0)
    FSharp.Compiler.Service (1.3.1.0)
    FSharp.Core (3.1.2.5)
    FSharp.Formatting (2.9.10)
      FSharp.Compiler.Service (>= 0.0.87)
      FSharpVSPowerTools.Core (1.8.0)
    FSharpVSPowerTools.Core (1.8.0)
      FSharp.Compiler.Service (>= 0.0.87)
    FsPickler (1.2.21)
    FsReveal (1.0.2)
      FSharp.Formatting (>= 2.7.5)
    Suave (0.30.0)
      FSharp.Core (>= 3.1.2.1)
      FsPickler (>= 1.2.5)
GITHUB
  remote: fsprojects/FSharp.TypeProviders.StarterPack
  specs:
    src/ProvidedTypes.fs (7b14087a976df7477ef06c496933b8f8369ad5f5)
    src/ProvidedTypes.fsi (7b14087a976df7477ef06c496933b8f8369ad5f5)